GIT
  remote: git://github.com/blenderbox/tinymce-rails.git
  revision: 66c0d1dc5ec9101e2d3f5e1d25c22a713dd95c78
  specs:
    tinymce-rails (4.0.26)
      railties (>= 3.1.1)

GEM
  remote: https://rubygems.org/
  specs:
    actionmailer (4.1.1)
      actionpack (= 4.1.1)
      actionview (= 4.1.1)
      mail (~> 2.5.4)
    actionpack (4.1.1)
      actionview (= 4.1.1)
      activesupport (= 4.1.1)
      rack (~> 1.5.2)
      rack-test (~> 0.6.2)
    actionview (4.1.1)
      activesupport (= 4.1.1)
      builder (~> 3.1)
      erubis (~> 2.7.0)
    activemodel (4.1.1)
      activesupport (= 4.1.1)
      builder (~> 3.1)
    activerecord (4.1.1)
      activemodel (= 4.1.1)
      activesupport (= 4.1.1)
      arel (~> 5.0.0)
    activesupport (4.1.1)
      i18n (~> 0.6, >= 0.6.9)
      json (~> 1.7, >= 1.7.7)
      minitest (~> 5.1)
      thread_safe (~> 0.1)
      tzinfo (~> 1.1)
    annotate (2.6.5)
      activerecord (>= 2.3.0)
      rake (>= 0.8.7)
    arel (5.0.1.20140414130214)
    asset_sync (1.0.0)
      activemodel
      fog (>= 1.8.0)
    aws-sdk (1.43.3)
      json (~> 1.4)
      nokogiri (>= 1.4.4)
    bcrypt (3.1.7)
    builder (3.2.2)
    bullet (4.10.0)
      activesupport
      uniform_notifier (~> 1.6.0)
    capistrano (3.2.1)
      i18n
      rake (>= 10.0.0)
      sshkit (~> 1.3)
    capistrano-bundler (1.1.2)
      capistrano (~> 3.0)
      sshkit (~> 1.2)
    capistrano-rails (1.1.1)
      capistrano (~> 3.1)
      capistrano-bundler (~> 1.1)
    chosen-rails (1.1.0)
      coffee-rails (>= 3.2)
      compass-rails (>= 1.1.2)
      railties (>= 3.0)
      sass-rails (>= 3.2)
    chronic (0.10.2)
    chunky_png (1.3.1)
    coffee-rails (4.0.1)
      coffee-script (>= 2.2.0)
      railties (>= 4.0.0, < 5.0)
    coffee-script (2.2.0)
      coffee-script-source
      execjs
    coffee-script-source (1.7.0)
    colorize (0.7.3)
    compass (0.12.6)
      chunky_png (~> 1.2)
      fssm (>= 0.2.7)
      sass (~> 3.2.19)
    compass-rails (1.1.7)
      compass (>= 0.12.2)
      sprockets (<= 2.11.0)
    daemons (1.1.9)
    dalli (2.7.2)
    devise (3.2.4)
      bcrypt (~> 3.0)
      orm_adapter (~> 0.1)
      railties (>= 3.2.6, < 5)
      thread_safe (~> 0.1)
      warden (~> 1.2.3)
    diff-lcs (1.2.5)
    dragonfly (1.0.5)
      multi_json (~> 1.0)
      rack
    dragonfly-s3_data_store (1.0.4)
      dragonfly (~> 1.0)
      fog
    erubis (2.7.0)
    eventmachine (1.2.1)
    exception_notification (4.0.1)
      actionmailer (>= 3.0.4)
      activesupport (>= 3.0.4)
    excon (0.37.0)
    execjs (2.2.0)
    factory_girl (4.4.0)
      activesupport (>= 3.0.0)
    factory_girl_rails (4.4.1)
      factory_girl (~> 4.4.0)
      railties (>= 3.0.0)
    fog (1.22.1)
      fog-brightbox
      fog-core (~> 1.22)
      fog-json
      ipaddress (~> 0.5)
      nokogiri (~> 1.5, >= 1.5.11)
    fog-brightbox (0.0.2)
      fog-core
      fog-json
    fog-core (1.22.0)
      builder
      excon (~> 0.33)
      formatador (~> 0.2)
      mime-types
      net-scp (~> 1.1)
      net-ssh (>= 2.1.3)
    fog-json (1.0.0)
      multi_json (~> 1.0)
    formatador (0.2.5)
    fssm (0.2.10)
    hike (1.2.3)
    i18n (0.6.9)
    ipaddress (0.8.0)
    jquery-rails (3.1.0)
      railties (>= 3.0, < 5.0)
      thor (>= 0.14, < 2.0)
    json (1.8.1)
    kaminari (0.16.1)
      actionpack (>= 3.0.0)
      activesupport (>= 3.0.0)
    libv8 (3.16.14.3)
    mail (2.5.4)
      mime-types (~> 1.16)
      treetop (~> 1.4.8)
    mime-types (1.25.1)
    mini_portile (0.6.0)
    minitest (5.3.5)
    multi_json (1.10.1)
    nested_form (0.3.2)
    net-scp (1.2.1)
      net-ssh (>= 2.6.5)
    net-ssh (2.9.1)
    nokogiri (1.6.2.1)
      mini_portile (= 0.6.0)
    orm_adapter (0.5.0)
    pg (0.17.1)
    polyglot (0.3.5)
    quiet_assets (1.0.2)
      railties (>= 3.1, < 5.0)
    rack (1.5.2)
    rack-cache (1.2)
      rack (>= 0.4)
    rack-test (0.6.2)
      rack (>= 1.0)
    rails (4.1.1)
      actionmailer (= 4.1.1)
      actionpack (= 4.1.1)
      actionview (= 4.1.1)
      activemodel (= 4.1.1)
      activerecord (= 4.1.1)
      activesupport (= 4.1.1)
      bundler (>= 1.3.0, < 2.0)
      railties (= 4.1.1)
      sprockets-rails (~> 2.0)
    railties (4.1.1)
      actionpack (= 4.1.1)
      activesupport (= 4.1.1)
      rake (>= 0.8.7)
      thor (>= 0.18.1, < 2.0)
    rake (10.3.2)
    rdoc (4.1.1)
      json (~> 1.4)
    ref (1.0.5)
    rspec-core (3.0.1)
      rspec-support (~> 3.0.0)
    rspec-expectations (3.0.1)
      diff-lcs (>= 1.2.0, < 2.0)
      rspec-support (~> 3.0.0)
    rspec-mocks (3.0.1)
      rspec-support (~> 3.0.0)
    rspec-rails (3.0.1)
      actionpack (>= 3.0)
      activesupport (>= 3.0)
      railties (>= 3.0)
      rspec-core (~> 3.0.0)
      rspec-expectations (~> 3.0.0)
      rspec-mocks (~> 3.0.0)
      rspec-support (~> 3.0.0)
    rspec-support (3.0.0)
    sass (3.2.19)
    sass-rails (4.0.3)
      railties (>= 4.0.0, < 5.0)
      sass (~> 3.2.0)
      sprockets (~> 2.8, <= 2.11.0)
      sprockets-rails (~> 2.0)
    sdoc (0.4.0)
      json (~> 1.8)
      rdoc (~> 4.0, < 5.0)
    simple_form (3.0.2)
      actionpack (~> 4.0)
      activemodel (~> 4.0)
    slim (2.0.2)
      temple (~> 0.6.6)
      tilt (>= 1.3.3, < 2.1)
    slim-rails (2.1.5)
      actionpack (>= 3.0, < 4.2)
      activesupport (>= 3.0, < 4.2)
      railties (>= 3.0, < 4.2)
      slim (~> 2.0)
    spring (1.1.3)
    sprockets (2.11.0)
      hike (~> 1.2)
      multi_json (~> 1.0)
      rack (~> 1.0)
      tilt (~> 1.1, != 1.3.0)
    sprockets-rails (2.1.3)
      actionpack (>= 3.0)
      activesupport (>= 3.0)
      sprockets (~> 2.8)
    sshkit (1.5.1)
      colorize
      net-scp (>= 1.1.2)
      net-ssh (>= 2.8.0)
    temple (0.6.7)
    therubyracer (0.12.1)
      libv8 (~> 3.16.14.0)
      ref
    thin (1.7.0)
      daemons (~> 1.0, >= 1.0.9)
      eventmachine (~> 1.0, >= 1.0.4)
      rack (>= 1, < 3)
    thor (0.19.1)
    thread_safe (0.3.4)
    tilt (1.4.1)
    treetop (1.4.15)
      polyglot
      polyglot (>= 0.3.1)
    turbolinks (2.2.2)
      coffee-rails
    tzinfo (1.2.1)
      thread_safe (~> 0.1)
    uglifier (2.5.1)
      execjs (>= 0.3.0)
      json (>= 1.8.0)
    unf (0.1.4)
      unf_ext
    unf_ext (0.0.6)
    uniform_notifier (1.6.2)
    warden (1.2.3)
      rack (>= 1.0)
    whenever (0.9.2)
      activesupport (>= 2.3.4)
      chronic (>= 0.6.3)

PLATFORMS
  ruby

DEPENDENCIES
  annotate
  asset_sync
  aws-sdk
  bullet
  capistrano
  capistrano-bundler
  capistrano-rails
  chosen-rails
  compass-rails
  daemons
  dalli
  devise
  dragonfly
  dragonfly-s3_data_store
  exception_notification
  factory_girl_rails
  jquery-rails
  kaminari
  nested_form
  pg
  quiet_assets
  rack-cache
  rails (= 4.1.1)
  rspec-rails
  sass-rails
  sdoc
  simple_form
  slim-rails
  spring
  therubyracer
  thin
  tinymce-rails!
  turbolinks
  uglifier
  unf
  whenever

BUNDLED WITH
   1.13.6
